GEM
  remote: https://rubygems.org/
  specs:
    base64 (0.3.0)
    ffi (1.17.2-x64-mingw-ucrt)
    fileutils (1.7.3)
    json (2.13.0)
    mustermann (3.0.3)
      ruby2_keywords (~> 0.0.1)
    nio4r (2.7.4)
    puma (6.6.0)
      nio4r (~> 2.0)
    rack (2.2.17)
    rack-protection (3.2.0)
      base64 (>= 0.1.0)
      rack (~> 2.2, >= 2.2.4)
    ruby-mp3info (0.8.10)
    ruby2_keywords (0.0.5)
    securerandom (0.4.1)
    sinatra (3.2.0)
      mustermann (~> 3.0)
      rack (~> 2.2, >= 2.2.4)
      rack-protection (= 3.2.0)
      tilt (~> 2.0)
    sinatra-cors (1.2.0)
    tilt (2.6.1)
    wavefile (1.1.2)

PLATFORMS
  x64-mingw-ucrt

DEPENDENCIES
  ffi (~> 1.16)
  fileutils (~> 1.6)
  json (~> 2.6)
  puma (~> 6.0)
  rack (~> 2.2)
  ruby-mp3info (~> 0.8)
  securerandom (~> 0.2)
  sinatra (~> 3.0)
  sinatra-cors (~> 1.2)
  wavefile (~> 1.1)

BUNDLED WITH
   2.6.7
